GEM
  remote: http://rubygems.org/
  specs:
    activesupport (3.2.9)
      i18n (~> 0.6)
      multi_json (~> 1.0)
    awesome_print (1.1.0)
    binding_of_caller (0.6.8)
    coderay (1.0.8)
    daemons (1.1.9)
    eventmachine (1.0.0)
    honeybadger (1.4.0)
      activesupport
      json
    httparty (0.9.0)
      multi_json (~> 1.0)
      multi_xml
    i18n (0.6.1)
    interception (0.3)
    json (1.7.5)
    method_source (0.8.1)
    multi_json (1.5.0)
    multi_xml (0.5.1)
    oj (1.4.7)
    pry (0.9.10)
      coderay (~> 1.0.5)
      method_source (~> 0.8)
      slop (~> 3.3.1)
    pry-doc (0.4.4)
      pry (>= 0.9.9.6)
      yard (~> 0.8.1)
    pry-nav (0.2.2)
      pry (~> 0.9.10)
    pry-rails (0.2.2)
      pry (>= 0.9.10)
    pry-remote (0.1.6)
      pry (~> 0.9)
      slop (~> 3.0)
    pry-rescue (0.13)
      interception (>= 0.3)
      pry
    pry-stack_explorer (0.4.7)
      binding_of_caller (~> 0.6.8)
    puma (1.6.3)
      rack (~> 1.2)
    pusher (0.11.1)
      multi_json (~> 1.0)
      signature (~> 0.1.6)
    rack (1.4.1)
    rack-protection (1.3.2)
      rack
    signature (0.1.6)
    sinatra (1.3.3)
      rack (~> 1.3, >= 1.3.6)
      rack-protection (~> 1.2)
      tilt (~> 1.3, >= 1.3.3)
    slop (3.3.3)
    thin (1.5.0)
      daemons (>= 1.0.9)
      eventmachine (>= 0.12.6)
      rack (>= 1.0.0)
    tilt (1.3.3)
    yard (0.8.3)

PLATFORMS
  ruby

DEPENDENCIES
  activesupport
  awesome_print
  honeybadger
  httparty
  multi_json
  multi_xml
  oj
  pry
  pry-doc
  pry-nav
  pry-rails (>= 0.2.2)
  pry-remote
  pry-rescue (>= 0.13)
  pry-stack_explorer (>= 0.4.7)
  puma
  pusher
  sinatra
  thin
