GEM
  remote: http://rubygems.org/
  specs:
    activesupport (3.2.9)
      i18n (~> 0.6)
      multi_json (~> 1.0)
    awesome_print (1.1.0)
    daemons (1.1.9)
    eventmachine (1.0.0)
    i18n (0.6.1)
    multi_json (1.5.0)
    oj (1.4.7)
    puma (1.6.3)
      rack (~> 1.2)
    rack (1.4.1)
    rack-protection (1.3.2)
      rack
    sinatra (1.3.3)
      rack (~> 1.3, >= 1.3.6)
      rack-protection (~> 1.2)
      tilt (~> 1.3, >= 1.3.3)
    thin (1.5.0)
      daemons (>= 1.0.9)
      eventmachine (>= 0.12.6)
      rack (>= 1.0.0)
    tilt (1.3.3)

PLATFORMS
  ruby

DEPENDENCIES
  activesupport
  awesome_print
  multi_json
  oj
  puma
  sinatra
  thin
