GEM
  remote: http://rubygems.org/
  specs:
    activesupport (3.2.9)
      i18n (~> 0.6)
      multi_json (~> 1.0)
    coderay (1.0.8)
    httparty (0.13.5)
      json (~> 1.8)
      multi_xml (>= 0.5.2)
    i18n (0.6.1)
    json (1.8.3)
    method_source (0.8.1)
    multi_json (1.5.0)
    multi_xml (0.5.5)
    nio4r (2.3.1)
    pry (0.9.10)
      coderay (~> 1.0.5)
      method_source (~> 0.8)
      slop (~> 3.3.1)
    puma (4.3.11)
      nio4r (~> 2.0)
    rack (1.6.13)
    rack-protection (1.3.2)
      rack
    redis (3.2.1)
    sinatra (1.3.3)
      rack (~> 1.3, >= 1.3.6)
      rack-protection (~> 1.2)
      tilt (~> 1.3, >= 1.3.3)
    slop (3.3.3)
    tilt (1.3.3)

PLATFORMS
  ruby

DEPENDENCIES
  activesupport
  httparty
  pry
  puma
  redis
  sinatra

BUNDLED WITH
   1.10.6
